GEM
  remote: https://rubygems.org/
  specs:
    netrc (0.7.9)
    rack (1.6.0)
    rest_client (1.8.3)
      netrc (~> 0.7.7)
    rulers (0.0.1)
      rack
      rest_client

PLATFORMS
  ruby

DEPENDENCIES
  rulers
